PATH
  remote: .
  specs:
    rulers (0.0.2)
      rack

GEM
  remote: https://rubygems.org/
  specs:
    minitest (5.14.1)
    rack (2.2.3)
    rack-test (1.1.0)
      rack (>= 1.0, < 3)
    rake (12.3.3)

PLATFORMS
  x86_64-darwin-19
  x86_64-linux

DEPENDENCIES
  minitest (~> 5.0)
  rack-test
  rake (~> 12.0)
  rulers!

BUNDLED WITH
   2.2.20
