PATH
  remote: .
  specs:
    rulers (0.0.2)
      rack

GEM
  remote: https://rubygems.org/
  specs:
    minitest (5.14.1)
    rack (2.2.3)
    rake (12.3.3)

PLATFORMS
  x86_64-darwin-19

DEPENDENCIES
  minitest (~> 5.0)
  rake (~> 12.0)
  rulers!

BUNDLED WITH
   2.2.20
